GEM
  remote: https://rubygems.org/
  specs:
    kramdown (1.16.2)
    mini_portile2 (2.3.0)
    nokogiri (1.8.2)
      mini_portile2 (~> 2.3.0)

PLATFORMS
  ruby

DEPENDENCIES
  kramdown
  nokogiri

BUNDLED WITH
   1.10.6
